GEM
  remote: https://rubygems.org/
  specs:
    cpf_cnpj (0.5.0)
    language_server-protocol (3.17.0.3)
    nokogiri (1.16.3-x64-mingw-ucrt)
      racc (~> 1.4)
    prism (0.24.0)
    racc (1.7.3)
    ruby-lsp (0.14.6)
      language_server-protocol (~> 3.17.0)
      prism (>= 0.22.0, < 0.25)
      sorbet-runtime (>= 0.5.10782)
    sorbet-runtime (0.5.11301)

PLATFORMS
  x64-mingw-ucrt

DEPENDENCIES
  cpf_cnpj (~> 0.5.0)
  nokogiri
  ruby-lsp

BUNDLED WITH
   2.5.6
